GEM
  remote: http://rubygems.org/
  specs:
    mysql2 (0.3.15)
    rack (1.5.2)
    rack-protection (1.5.2)
      rack
    rake (10.1.1)
    sequel (4.8.0)
    sinatra (1.4.4)
      rack (~> 1.4)
      rack-protection (~> 1.4)
      tilt (~> 1.3, >= 1.3.4)
    sqlite3 (1.3.9)
    tilt (1.4.1)

PLATFORMS
  ruby

DEPENDENCIES
  mysql2
  rake
  sequel
  sinatra
  sqlite3
