GIT
  remote: https://github.com/igrigorik/agent
  revision: ba4c216a6b0d85b79daba09d237bd9aa8790bd3c
  specs:
    agent (0.9.1)

GEM
  remote: http://rubygems.org/
  specs:
    mysql2 (0.3.15)
    rack (1.5.2)
    rack-protection (1.5.2)
      rack
    rake (10.2.1)
    sequel (4.8.0)
    serialport (1.3.0)
    sinatra (1.4.4)
      rack (~> 1.4)
      rack-protection (~> 1.4)
      tilt (~> 1.3, >= 1.3.4)
    tilt (1.4.1)

PLATFORMS
  ruby

DEPENDENCIES
  agent!
  mysql2
  rake
  sequel
  serialport
  sinatra
